GEM
  remote: https://rubygems.org/
  specs:
    aws-sdk (1.61.0)
      aws-sdk-v1 (= 1.61.0)
    aws-sdk-v1 (1.61.0)
      json (~> 1.4)
      nokogiri (>= 1.4.4)
    httparty (0.13.3)
      json (~> 1.8)
      multi_xml (>= 0.5.2)
    iron_core (1.0.5)
      rest (>= 2.6.4)
    iron_worker_ng (1.6.2)
      bundler
      iron_core (>= 1.0.0)
      rubyzip (>= 1.0.0)
    json (1.8.1)
    multi_xml (0.5.5)
    net-http-persistent (2.9.4)
    netrc (0.10.2)
    nokogiri (1.5.9)
    rest (3.0.3)
      net-http-persistent (>= 2.9.1)
      netrc
    rubyzip (1.1.6)

PLATFORMS
  ruby

DEPENDENCIES
  aws-sdk
  httparty
  iron_worker_ng
  json (= 1.8.1)
  nokogiri (= 1.5.9)
